GIT
  remote: https://github.com/andrewtimberlake/mongomapper_plugins.git
  revision: 06dcfb5e369ea4434d92c7dea772bbed32619aca
  specs:
    mongomapper_plugins (1.0.0)

GEM
  remote: http://rubygems.org/
  specs:
    activemodel (3.2.6)
      activesupport (= 3.2.6)
      builder (~> 3.0.0)
    activesupport (3.2.6)
      i18n (~> 0.6)
      multi_json (~> 1.0)
    bson (1.6.4)
    bson_ext (1.6.4)
      bson (~> 1.6.4)
    builder (3.0.0)
    daemons (1.1.8)
    diff-lcs (1.1.3)
    eventmachine (0.12.10)
    ffi (1.0.11)
    guard (1.2.3)
      listen (>= 0.4.2)
      thor (>= 0.14.6)
    guard-bundler (1.0.0)
      bundler (~> 1.0)
      guard (~> 1.1)
    guard-rack (1.1)
      guard (~> 1.1)
      guard-rack
      libnotify (~> 0.1.3)
      rb-inotify (>= 0.5.1)
    i18n (0.6.0)
    libnotify (0.1.4)
      ffi (>= 0.6.2)
    listen (0.4.7)
      rb-fchange (~> 0.0.5)
      rb-fsevent (~> 0.9.1)
      rb-inotify (~> 0.8.8)
    log_buddy (0.7.0)
    mail (2.4.4)
      i18n (>= 0.4.0)
      mime-types (~> 1.16)
      treetop (~> 1.4.8)
    mime-types (1.19)
    mongo (1.6.4)
      bson (~> 1.6.4)
    mongo_mapper (0.11.1)
      activemodel (~> 3.0)
      activesupport (~> 3.0)
      plucky (~> 0.4.0)
    multi_json (1.3.6)
    newrelic_rpm (3.4.0.1)
    nokogiri (1.5.5)
    plucky (0.4.4)
      mongo (~> 1.5)
    polyglot (0.3.3)
    rack (1.4.1)
    rack-cors (0.2.7)
      rack
    rack-protection (1.2.0)
      rack
    rack-test (0.6.1)
      rack (>= 1.0)
    rake (0.9.2.2)
    rb-fchange (0.0.5)
      ffi
    rb-fsevent (0.9.1)
    rb-inotify (0.8.8)
      ffi (>= 0.5.0)
    rdiscount (1.6.8)
    rspec (2.11.0)
      rspec-core (~> 2.11.0)
      rspec-expectations (~> 2.11.0)
      rspec-mocks (~> 2.11.0)
    rspec-core (2.11.0)
    rspec-expectations (2.11.0)
      diff-lcs (~> 1.1.3)
    rspec-mocks (2.11.0)
    sinatra (1.3.2)
      rack (~> 1.3, >= 1.3.6)
      rack-protection (~> 1.2)
      tilt (~> 1.3, >= 1.3.3)
    thin (1.4.1)
      daemons (>= 1.0.9)
      eventmachine (>= 0.12.6)
      rack (>= 1.0.0)
    thor (0.15.4)
    tilt (1.3.3)
    treetop (1.4.10)
      polyglot
      polyglot (>= 0.3.1)

PLATFORMS
  ruby

DEPENDENCIES
  bson_ext
  guard
  guard-bundler
  guard-rack
  libnotify (~> 0.1.3)
  log_buddy
  mail
  mongo_mapper
  mongomapper_plugins!
  newrelic_rpm
  nokogiri
  rack-cors
  rack-test
  rake
  rb-inotify (>= 0.5.1)
  rdiscount
  rspec
  sinatra
  thin
